GEM
  remote: https://rubygems.org/
  specs:
    sqlite3 (2.6.0-aarch64-linux-gnu)
    sqlite3 (2.6.0-arm64-darwin)

PLATFORMS
  aarch64-linux
  arm64-darwin-24

DEPENDENCIES
  sqlite3

BUNDLED WITH
   2.3.27
